GEM
  remote: https://rubygems.org/
  specs:
    asciidoctor (2.0.9)
    concurrent-ruby (1.1.5)
    slim (2.1.0)
      temple (~> 0.6.9)
      tilt (>= 1.3.3, < 2.1)
    temple (0.6.10)
    tilt (2.0.9)

PLATFORMS
  ruby

DEPENDENCIES
  asciidoctor
  concurrent-ruby
  slim (= 2.1.0)
  tilt

BUNDLED WITH
   1.16.1
